GEM
  remote: https://rubygems.org/
  specs:
    chronic (0.10.2)
    colorize (0.7.7)
    highline (1.7.8)

PLATFORMS
  ruby

DEPENDENCIES
  chronic
  colorize
  highline

BUNDLED WITH
   1.11.2
